GEM
  remote: https://rubygems.org/
  specs:
    appium_lib_core (1.3.2)
      json (>= 1.8)
      selenium-webdriver (~> 3.5)
    childprocess (0.8.0)
      ffi (~> 1.0, >= 1.0.11)
    ffi (1.9.23)
    json (2.1.0)
    rubyzip (1.2.1)
    selenium-webdriver (3.9.0)
      childprocess (~> 0.5)
      rubyzip (~> 1.2)

PLATFORMS
  ruby

DEPENDENCIES
  appium_lib_core

BUNDLED WITH
   1.14.3
